PATH
  remote: .
  specs:
    tiny_wiki (0.2.0)
      fileutils (~> 1.7)
      redcarpet (~> 3.0)
      sinatra (~> 3.0)

GEM
  remote: https://rubygems.org/
  specs:
    base64 (0.3.0)
    fileutils (1.7.3)
    minitest (5.25.5)
    mustermann (3.0.3)
      ruby2_keywords (~> 0.0.1)
    rack (2.2.17)
    rack-protection (3.2.0)
      base64 (>= 0.1.0)
      rack (~> 2.2, >= 2.2.4)
    rake (13.3.0)
    redcarpet (3.6.1)
    ruby2_keywords (0.0.5)
    sinatra (3.2.0)
      mustermann (~> 3.0)
      rack (~> 2.2, >= 2.2.4)
      rack-protection (= 3.2.0)
      tilt (~> 2.0)
    tilt (2.6.1)

PLATFORMS
  ruby
  x86_64-linux

DEPENDENCIES
  bundler (~> 2.0)
  minitest (~> 5.0)
  rake (~> 13.0)
  tiny_wiki!

BUNDLED WITH
   2.6.9
